STORAGE: NONE
RESTRICTION: || (== net5.0) (== netstandard2.0) (== netstandard2.1)
NUGET
  remote: https://api.nuget.org/v3/index.json
    Expecto (9.0.4)
      FSharp.Core (>= 4.6)
      Mono.Cecil (>= 0.11.3)
    Expecto.Hopac (9.0.4)
      Expecto (>= 9.0.4)
      Hopac (>= 0.4.1)
    Fable.Core (3.6.1)
    Fable.Mocha (2.10)
      Fable.Core (>= 3.0)
      FSharp.Core (>= 4.7)
    FSharp.Control.AsyncSeq (3.2.1)
      FSharp.Core (>= 4.7.2)
      Microsoft.Bcl.AsyncInterfaces (>= 5.0)
    FSharp.Core (4.7.2)
    Hopac (0.5.1)
      FSharp.Core (>= 4.5.2)
    Microsoft.Bcl.AsyncInterfaces (6.0)
      System.Threading.Tasks.Extensions (>= 4.5.4) - restriction: || (&& (== net5.0) (>= net461)) (&& (== net5.0) (< netstandard2.1)) (== netstandard2.0) (&& (== netstandard2.1) (>= net461))
    Microsoft.Build.Tasks.Git (1.1.1) - copy_local: true
    Microsoft.SourceLink.Common (1.1.1) - copy_local: true
    Microsoft.SourceLink.GitHub (1.1.1) - copy_local: true
      Microsoft.Build.Tasks.Git (>= 1.1.1)
      Microsoft.SourceLink.Common (>= 1.1.1)
    Mono.Cecil (0.11.4)
    Ply (0.3.1)
      FSharp.Core (>= 4.6.2)
      System.Threading.Tasks.Extensions (>= 4.5.4)
    System.Runtime.CompilerServices.Unsafe (6.0) - restriction: || (&& (== net5.0) (>= net461)) (&& (== net5.0) (< netcoreapp2.1)) (&& (== net5.0) (< netstandard1.0)) (&& (== net5.0) (< netstandard2.0)) (&& (== net5.0) (>= wp8)) (== netstandard2.0) (== netstandard2.1)
    System.Threading.Tasks.Extensions (4.5.4)
      System.Runtime.CompilerServices.Unsafe (>= 4.5.3) - restriction: || (&& (== net5.0) (>= net461)) (&& (== net5.0) (< netcoreapp2.1)) (&& (== net5.0) (< netstandard1.0)) (&& (== net5.0) (< netstandard2.0)) (&& (== net5.0) (>= wp8)) (== netstandard2.0) (== netstandard2.1)

GROUP Build
STORAGE: NONE
RESTRICTION: || (== net5.0) (== netstandard2.0) (== netstandard2.1)
NUGET
  remote: https://api.nuget.org/v3/index.json
    BlackFox.VsWhere (1.1)
      FSharp.Core (>= 4.2.3)
      Microsoft.Win32.Registry (>= 4.7)
    Fake.Api.GitHub (5.20.4)
      FSharp.Core (>= 4.7.2)
      Octokit (>= 0.48)
    Fake.Core.CommandLineParsing (5.20.4)
      FParsec (>= 1.1.1)
      FSharp.Core (>= 4.7.2)
    Fake.Core.Context (5.20.4)
      FSharp.Core (>= 4.7.2)
    Fake.Core.Environment (5.20.4)
      FSharp.Core (>= 4.7.2)
    Fake.Core.FakeVar (5.20.4)
      Fake.Core.Context (>= 5.20.4)
      FSharp.Core (>= 4.7.2)
    Fake.Core.Process (5.20.4)
      Fake.Core.Environment (>= 5.20.4)
      Fake.Core.FakeVar (>= 5.20.4)
      Fake.Core.String (>= 5.20.4)
      Fake.Core.Trace (>= 5.20.4)
      Fake.IO.FileSystem (>= 5.20.4)
      FSharp.Core (>= 4.7.2)
      System.Collections.Immutable (>= 1.7.1)
    Fake.Core.ReleaseNotes (5.20.4)
      Fake.Core.SemVer (>= 5.20.4)
      Fake.Core.String (>= 5.20.4)
      FSharp.Core (>= 4.7.2)
    Fake.Core.SemVer (5.20.4)
      FSharp.Core (>= 4.7.2)
    Fake.Core.String (5.20.4)
      FSharp.Core (>= 4.7.2)
    Fake.Core.Target (5.20.4)
      Fake.Core.CommandLineParsing (>= 5.20.4)
      Fake.Core.Context (>= 5.20.4)
      Fake.Core.Environment (>= 5.20.4)
      Fake.Core.FakeVar (>= 5.20.4)
      Fake.Core.Process (>= 5.20.4)
      Fake.Core.String (>= 5.20.4)
      Fake.Core.Trace (>= 5.20.4)
      FSharp.Control.Reactive (>= 4.4.2)
      FSharp.Core (>= 4.7.2)
    Fake.Core.Tasks (5.20.4)
      Fake.Core.Trace (>= 5.20.4)
      FSharp.Core (>= 4.7.2)
    Fake.Core.Trace (5.20.4)
      Fake.Core.Environment (>= 5.20.4)
      Fake.Core.FakeVar (>= 5.20.4)
      FSharp.Core (>= 4.7.2)
    Fake.Core.Xml (5.20.4)
      Fake.Core.String (>= 5.20.4)
      FSharp.Core (>= 4.7.2)
    Fake.DotNet.AssemblyInfoFile (5.20.4)
      Fake.Core.Environment (>= 5.20.4)
      Fake.Core.String (>= 5.20.4)
      Fake.Core.Trace (>= 5.20.4)
      Fake.IO.FileSystem (>= 5.20.4)
      FSharp.Core (>= 4.7.2)
    Fake.DotNet.Cli (5.20.4)
      Fake.Core.Environment (>= 5.20.4)
      Fake.Core.Process (>= 5.20.4)
      Fake.Core.String (>= 5.20.4)
      Fake.Core.Trace (>= 5.20.4)
      Fake.DotNet.MSBuild (>= 5.20.4)
      Fake.DotNet.NuGet (>= 5.20.4)
      Fake.IO.FileSystem (>= 5.20.4)
      FSharp.Core (>= 4.7.2)
      Mono.Posix.NETStandard (>= 1.0)
      Newtonsoft.Json (>= 12.0.3)
    Fake.DotNet.MSBuild (5.20.4)
      BlackFox.VsWhere (>= 1.1)
      Fake.Core.Environment (>= 5.20.4)
      Fake.Core.Process (>= 5.20.4)
      Fake.Core.String (>= 5.20.4)
      Fake.Core.Trace (>= 5.20.4)
      Fake.IO.FileSystem (>= 5.20.4)
      FSharp.Core (>= 4.7.2)
      MSBuild.StructuredLogger (>= 2.1.176)
    Fake.DotNet.NuGet (5.20.4)
      Fake.Core.Environment (>= 5.20.4)
      Fake.Core.Process (>= 5.20.4)
      Fake.Core.SemVer (>= 5.20.4)
      Fake.Core.String (>= 5.20.4)
      Fake.Core.Tasks (>= 5.20.4)
      Fake.Core.Trace (>= 5.20.4)
      Fake.Core.Xml (>= 5.20.4)
      Fake.IO.FileSystem (>= 5.20.4)
      Fake.Net.Http (>= 5.20.4)
      FSharp.Core (>= 4.7.2)
      Newtonsoft.Json (>= 12.0.3)
      NuGet.Protocol (>= 5.6)
    Fake.DotNet.Paket (5.20.4)
      Fake.Core.Process (>= 5.20.4)
      Fake.Core.String (>= 5.20.4)
      Fake.Core.Trace (>= 5.20.4)
      Fake.DotNet.Cli (>= 5.20.4)
      Fake.IO.FileSystem (>= 5.20.4)
      FSharp.Core (>= 4.7.2)
    Fake.DotNet.Testing.Expecto (5.20.4)
      Fake.Core.Process (>= 5.20.4)
      Fake.Core.String (>= 5.20.4)
      Fake.Core.Trace (>= 5.20.4)
      Fake.IO.FileSystem (>= 5.20.4)
      Fake.Testing.Common (>= 5.20.4)
      FSharp.Core (>= 4.7.2)
    Fake.IO.FileSystem (5.20.4)
      Fake.Core.String (>= 5.20.4)
      FSharp.Core (>= 4.7.2)
    Fake.JavaScript.Npm (5.20.4)
      Fake.Core.Environment (>= 5.20.4)
      Fake.Core.Process (>= 5.20.4)
      Fake.IO.FileSystem (>= 5.20.4)
      Fake.Testing.Common (>= 5.20.4)
      FSharp.Core (>= 4.7.2)
    Fake.Net.Http (5.20.4)
      Fake.Core.Trace (>= 5.20.4)
      FSharp.Core (>= 4.7.2)
    Fake.Testing.Common (5.20.4)
      Fake.Core.Trace (>= 5.20.4)
      FSharp.Core (>= 4.7.2)
    Fake.Tools.Git (5.20.4)
      Fake.Core.Environment (>= 5.20.4)
      Fake.Core.Process (>= 5.20.4)
      Fake.Core.SemVer (>= 5.20.4)
      Fake.Core.String (>= 5.20.4)
      Fake.Core.Trace (>= 5.20.4)
      Fake.IO.FileSystem (>= 5.20.4)
      FSharp.Core (>= 4.7.2)
    FParsec (1.1.1)
      FSharp.Core (>= 4.3.4)
    FSharp.Control.Reactive (5.0.2)
      FSharp.Core (>= 4.7.2)
      System.Reactive (>= 5.0)
    FSharp.Core (4.7.2)
    Microsoft.Build (17.0)
    Microsoft.Build.Framework (17.0)
      System.Security.Permissions (>= 4.7)
    Microsoft.Build.Tasks.Core (17.0)
      Microsoft.Build.Framework (>= 17.0)
      Microsoft.Build.Utilities.Core (>= 17.0)
      Microsoft.NET.StringTools (>= 1.0)
      Microsoft.Win32.Registry (>= 4.3)
      System.CodeDom (>= 4.4)
      System.Collections.Immutable (>= 5.0)
      System.Reflection.Metadata (>= 1.6)
      System.Resources.Extensions (>= 4.6)
      System.Security.Cryptography.Pkcs (>= 4.7)
      System.Security.Cryptography.Xml (>= 4.7)
      System.Security.Permissions (>= 4.7)
      System.Threading.Tasks.Dataflow (>= 4.9)
    Microsoft.Build.Utilities.Core (17.0)
      Microsoft.Build.Framework (>= 17.0)
      Microsoft.NET.StringTools (>= 1.0)
      Microsoft.Win32.Registry (>= 4.3)
      System.Collections.Immutable (>= 5.0)
      System.Configuration.ConfigurationManager (>= 4.7)
      System.Security.Permissions (>= 4.7)
      System.Text.Encoding.CodePages (>= 4.0.1)
    Microsoft.NET.StringTools (1.0)
      System.Memory (>= 4.5.4)
      System.Runtime.CompilerServices.Unsafe (>= 5.0)
    Microsoft.NETCore.Platforms (6.0) - restriction: || (&& (== net5.0) (< netcoreapp3.1)) (&& (== net5.0) (< netstandard1.2)) (&& (== net5.0) (< netstandard1.3)) (&& (== net5.0) (< netstandard1.5)) (== netstandard2.0) (== netstandard2.1)
    Microsoft.NETCore.Targets (5.0) - restriction: || (&& (== net5.0) (< netcoreapp3.1)) (&& (== net5.0) (< netstandard1.2)) (&& (== net5.0) (< netstandard1.3)) (&& (== net5.0) (< netstandard1.5)) (== netstandard2.0) (== netstandard2.1)
    Microsoft.Win32.Registry (5.0)
      System.Buffers (>= 4.5.1) - restriction: || (&& (== net5.0) (>= monoandroid) (< netstandard1.3)) (&& (== net5.0) (>= monotouch)) (&& (== net5.0) (< netcoreapp2.0)) (&& (== net5.0) (>= xamarinios)) (&& (== net5.0) (>= xamarinmac)) (&& (== net5.0) (>= xamarintvos)) (&& (== net5.0) (>= xamarinwatchos)) (== netstandard2.0) (== netstandard2.1)
      System.Memory (>= 4.5.4) - restriction: || (&& (== net5.0) (< netcoreapp2.0)) (&& (== net5.0) (< netcoreapp2.1)) (&& (== net5.0) (>= uap10.1)) (== netstandard2.0) (== netstandard2.1)
      System.Security.AccessControl (>= 5.0)
      System.Security.Principal.Windows (>= 5.0)
    Microsoft.Win32.SystemEvents (6.0) - restriction: || (== net5.0) (&& (== netstandard2.0) (>= netcoreapp3.1)) (&& (== netstandard2.1) (>= netcoreapp3.1))
    Mono.Posix.NETStandard (1.0)
    MSBuild.StructuredLogger (2.1.507)
      Microsoft.Build (>= 16.4)
      Microsoft.Build.Framework (>= 16.4)
      Microsoft.Build.Tasks.Core (>= 16.4)
      Microsoft.Build.Utilities.Core (>= 16.4)
    Newtonsoft.Json (13.0.1)
    NuGet.Common (6.0)
      NuGet.Frameworks (>= 6.0)
    NuGet.Configuration (6.0)
      NuGet.Common (>= 6.0)
      System.Security.Cryptography.ProtectedData (>= 4.4)
    NuGet.Frameworks (6.0)
    NuGet.Packaging (6.0)
      Newtonsoft.Json (>= 13.0.1)
      NuGet.Configuration (>= 6.0)
      NuGet.Versioning (>= 6.0)
      System.Security.Cryptography.Cng (>= 5.0)
      System.Security.Cryptography.Pkcs (>= 5.0)
    NuGet.Protocol (6.0)
      NuGet.Packaging (>= 6.0)
    NuGet.Versioning (6.0)
    Octokit (0.48)
    System.Buffers (4.5.1)
    System.CodeDom (6.0)
    System.Collections.Immutable (6.0)
      System.Memory (>= 4.5.4)
      System.Runtime.CompilerServices.Unsafe (>= 6.0)
    System.Configuration.ConfigurationManager (6.0)
      System.Security.Cryptography.ProtectedData (>= 6.0)
      System.Security.Permissions (>= 6.0)
    System.Drawing.Common (6.0) - restriction: || (== net5.0) (&& (== netstandard2.0) (>= netcoreapp3.1)) (&& (== netstandard2.1) (>= netcoreapp3.1))
      Microsoft.Win32.SystemEvents (>= 6.0) - restriction: || (== net5.0) (&& (== netstandard2.0) (>= netcoreapp3.1)) (&& (== netstandard2.1) (>= netcoreapp3.1))
    System.Formats.Asn1 (6.0)
      System.Buffers (>= 4.5.1)
      System.Memory (>= 4.5.4)
    System.Memory (4.5.4)
      System.Buffers (>= 4.5.1) - restriction: || (&& (== net5.0) (>= monotouch)) (&& (== net5.0) (>= net461)) (&& (== net5.0) (< netcoreapp2.0)) (&& (== net5.0) (< netstandard1.1)) (&& (== net5.0) (< netstandard2.0)) (&& (== net5.0) (>= xamarinios)) (&& (== net5.0) (>= xamarinmac)) (&& (== net5.0) (>= xamarintvos)) (&& (== net5.0) (>= xamarinwatchos)) (== netstandard2.0) (== netstandard2.1)
      System.Numerics.Vectors (>= 4.4) - restriction: || (&& (== net5.0) (< netcoreapp2.0)) (== netstandard2.0) (== netstandard2.1)
      System.Runtime.CompilerServices.Unsafe (>= 4.5.3) - restriction: || (&& (== net5.0) (>= monotouch)) (&& (== net5.0) (>= net461)) (&& (== net5.0) (< netcoreapp2.0)) (&& (== net5.0) (< netcoreapp2.1)) (&& (== net5.0) (< netstandard1.1)) (&& (== net5.0) (< netstandard2.0)) (&& (== net5.0) (>= uap10.1)) (&& (== net5.0) (>= xamarinios)) (&& (== net5.0) (>= xamarinmac)) (&& (== net5.0) (>= xamarintvos)) (&& (== net5.0) (>= xamarinwatchos)) (== netstandard2.0) (== netstandard2.1)
    System.Numerics.Vectors (4.5) - restriction: || (&& (== net5.0) (< netcoreapp2.0)) (&& (== net5.0) (>= uap10.1)) (== netstandard2.0) (== netstandard2.1)
    System.Reactive (5.0)
      System.Runtime.InteropServices.WindowsRuntime (>= 4.3) - restriction: || (&& (== net5.0) (< netcoreapp3.1)) (== netstandard2.0) (== netstandard2.1)
      System.Threading.Tasks.Extensions (>= 4.5.4) - restriction: || (&& (== net5.0) (>= net472)) (&& (== net5.0) (< netcoreapp3.1)) (&& (== net5.0) (>= uap10.1)) (== netstandard2.0) (== netstandard2.1)
    System.Reflection.Metadata (6.0)
      System.Collections.Immutable (>= 6.0)
    System.Resources.Extensions (6.0)
      System.Memory (>= 4.5.4)
    System.Runtime (4.3.1) - restriction: || (&& (== net5.0) (< netcoreapp3.1)) (== netstandard2.0) (== netstandard2.1)
      Microsoft.NETCore.Platforms (>= 1.1.1)
      Microsoft.NETCore.Targets (>= 1.1.3)
    System.Runtime.CompilerServices.Unsafe (6.0)
    System.Runtime.InteropServices.WindowsRuntime (4.3) - restriction: || (&& (== net5.0) (< netcoreapp3.1)) (== netstandard2.0) (== netstandard2.1)
      System.Runtime (>= 4.3)
    System.Security.AccessControl (6.0)
      System.Security.Principal.Windows (>= 5.0)
    System.Security.Cryptography.Cng (5.0)
      System.Formats.Asn1 (>= 5.0) - restriction: || (== net5.0) (&& (== netstandard2.0) (>= netcoreapp3.0)) (&& (== netstandard2.1) (>= netcoreapp3.0))
    System.Security.Cryptography.Pkcs (6.0)
      System.Buffers (>= 4.5.1) - restriction: || (&& (== net5.0) (< netstandard2.1)) (== netstandard2.0)
      System.Formats.Asn1 (>= 6.0)
      System.Memory (>= 4.5.4) - restriction: || (&& (== net5.0) (< netstandard2.1)) (== netstandard2.0)
      System.Security.Cryptography.Cng (>= 5.0)
    System.Security.Cryptography.ProtectedData (6.0)
      System.Memory (>= 4.5.4)
    System.Security.Cryptography.Xml (6.0)
      System.Memory (>= 4.5.4)
      System.Security.AccessControl (>= 6.0)
      System.Security.Cryptography.Pkcs (>= 6.0)
    System.Security.Permissions (6.0)
      System.Security.AccessControl (>= 6.0)
      System.Windows.Extensions (>= 6.0) - restriction: || (== net5.0) (&& (== netstandard2.0) (>= netcoreapp3.1)) (&& (== netstandard2.1) (>= netcoreapp3.1))
    System.Security.Principal.Windows (5.0)
    System.Text.Encoding.CodePages (6.0)
      System.Memory (>= 4.5.4) - restriction: || (&& (== net5.0) (>= net461)) (&& (== net5.0) (< netcoreapp3.1)) (== netstandard2.0) (== netstandard2.1)
      System.Runtime.CompilerServices.Unsafe (>= 6.0)
    System.Threading.Tasks.Dataflow (6.0)
    System.Threading.Tasks.Extensions (4.5.4) - restriction: || (&& (== net5.0) (>= net472)) (&& (== net5.0) (< netcoreapp3.1)) (&& (== net5.0) (>= uap10.1)) (== netstandard2.0) (== netstandard2.1)
      System.Runtime.CompilerServices.Unsafe (>= 4.5.3) - restriction: || (&& (== net5.0) (>= net461)) (&& (== net5.0) (< netcoreapp2.1)) (&& (== net5.0) (< netstandard1.0)) (&& (== net5.0) (< netstandard2.0)) (&& (== net5.0) (>= wp8)) (== netstandard2.0) (== netstandard2.1)
    System.Windows.Extensions (6.0) - restriction: || (== net5.0) (&& (== netstandard2.0) (>= netcoreapp3.1)) (&& (== netstandard2.1) (>= netcoreapp3.1))
      System.Drawing.Common (>= 6.0) - restriction: || (== net5.0) (&& (== netstandard2.0) (>= netcoreapp3.1)) (&& (== netstandard2.1) (>= netcoreapp3.1))
